GEM
  remote: https://rubygems.org/
  specs:
    puma (3.11.2)
    rack (2.0.4)
    roda (3.4.0)
      rack

PLATFORMS
  ruby

DEPENDENCIES
  puma
  roda

BUNDLED WITH
   1.16.1
